GEM
  remote: https://rubygems.org/
  specs:
    choice (0.2.0)
    json (2.1.0)
    multicast (0.2.2)
      choice (>= 0.1.4)
    rack (1.6.9)
    rack-protection (1.5.5)
      rack
    rack-test (0.7.0)
      rack (>= 1.0, < 3)
    sinatra (1.4.8)
      rack (~> 1.5)
      rack-protection (~> 1.4)
      tilt (>= 1.3, < 3)
    tilt (2.0.8)

PLATFORMS
  ruby

DEPENDENCIES
  json (~> 2.1.0)
  multicast
  rack
  rack-test (= 0.7)
  sinatra (= 1.4.8)

BUNDLED WITH
   1.16.1
