GEM
  remote: https://rubygems.org/
  specs:
    choice (0.2.0)
    json (2.0.4)
    minitest (5.5.0)
    multicast (0.2.2)
      choice (>= 0.1.4)
    power_assert (1.1.1)
    rack (1.6.9)
    rack-protection (1.5.5)
      rack
    rack-test (0.7.0)
      rack (>= 1.0, < 3)
    sinatra (1.4.8)
      rack (~> 1.5)
      rack-protection (~> 1.4)
      tilt (>= 1.3, < 3)
    test-unit (3.2.7)
      power_assert
    tilt (2.0.8)

PLATFORMS
  ruby

DEPENDENCIES
  json (= 2.0.4)
  minitest (= 5.5)
  multicast
  rack
  rack-test (= 0.7)
  sinatra (= 1.4.8)
  test-unit

BUNDLED WITH
   1.16.1
